GIT
  remote: https://github.com/mmotherwell/best_in_place
  revision: 88eb3052623a9a6cd346864d2aca05021c2f80d0
  specs:
    best_in_place (3.1.1)
      actionpack (>= 3.2)
      railties (>= 3.2)

PATH
  remote: .
  specs:
    mega_bar (0.6.0)
      acts_as_list
      jquery-ui-rails
      kaminari
      nandi
      rails
      seed_dump
      seedbank
      slim-rails

GEM
  remote: https://rubygems.org/
  specs:
    actioncable (6.1.4.6)
      actionpack (= 6.1.4.6)
      activesupport (= 6.1.4.6)
      nio4r (~> 2.0)
      websocket-driver (>= 0.6.1)
    actionmailbox (6.1.4.6)
      actionpack (= 6.1.4.6)
      activejob (= 6.1.4.6)
      activerecord (= 6.1.4.6)
      activestorage (= 6.1.4.6)
      activesupport (= 6.1.4.6)
      mail (>= 2.7.1)
    actionmailer (6.1.4.6)
      actionpack (= 6.1.4.6)
      actionview (= 6.1.4.6)
      activejob (= 6.1.4.6)
      activesupport (= 6.1.4.6)
      mail (~> 2.5, >= 2.5.4)
      rails-dom-testing (~> 2.0)
    actionpack (6.1.4.6)
      actionview (= 6.1.4.6)
      activesupport (= 6.1.4.6)
      rack (~> 2.0, >= 2.0.9)
      rack-test (>= 0.6.3)
      rails-dom-testing (~> 2.0)
      rails-html-sanitizer (~> 1.0, >= 1.2.0)
    actiontext (6.1.4.6)
      actionpack (= 6.1.4.6)
      activerecord (= 6.1.4.6)
      activestorage (= 6.1.4.6)
      activesupport (= 6.1.4.6)
      nokogiri (>= 1.8.5)
    actionview (6.1.4.6)
      activesupport (= 6.1.4.6)
      builder (~> 3.1)
      erubi (~> 1.4)
      rails-dom-testing (~> 2.0)
      rails-html-sanitizer (~> 1.1, >= 1.2.0)
    activejob (6.1.4.6)
      activesupport (= 6.1.4.6)
      globalid (>= 0.3.6)
    activemodel (6.1.4.6)
      activesupport (= 6.1.4.6)
    activerecord (6.1.4.6)
      activemodel (= 6.1.4.6)
      activesupport (= 6.1.4.6)
    activestorage (6.1.4.6)
      actionpack (= 6.1.4.6)
      activejob (= 6.1.4.6)
      activerecord (= 6.1.4.6)
      activesupport (= 6.1.4.6)
      marcel (~> 1.0.0)
      mini_mime (>= 1.1.0)
    activesupport (6.1.4.6)
      concurrent-ruby (~> 1.0, >= 1.0.2)
      i18n (>= 1.6, < 2)
      minitest (>= 5.1)
      tzinfo (~> 2.0)
      zeitwerk (~> 2.3)
    acts_as_list (1.0.4)
      activerecord (>= 4.2)
    addressable (2.8.0)
      public_suffix (>= 2.0.2, < 5.0)
    aruba (2.0.0)
      bundler (>= 1.17, < 3.0)
      childprocess (>= 2.0, < 5.0)
      contracts (>= 0.16.0, < 0.18.0)
      cucumber (>= 4.0, < 8.0)
      rspec-expectations (~> 3.4)
      thor (~> 1.0)
    ast (2.4.2)
    binding_of_caller (1.0.0)
      debug_inspector (>= 0.0.1)
    builder (3.2.4)
    byebug (11.1.3)
    capybara (3.36.0)
      addressable
      matrix
      mini_mime (>= 0.1.3)
      nokogiri (~> 1.8)
      rack (>= 1.6.0)
      rack-test (>= 0.6.3)
      regexp_parser (>= 1.5, < 3.0)
      xpath (~> 3.2)
    cells (4.1.7)
      declarative-builder (< 0.2.0)
      declarative-option (< 0.2.0)
      tilt (>= 1.4, < 3)
      uber (< 0.2.0)
    childprocess (4.1.0)
    coderay (1.1.3)
    combustion (1.3.5)
      activesupport (>= 3.0.0)
      railties (>= 3.0.0)
      thor (>= 0.14.6)
    concurrent-ruby (1.1.9)
    contracts (0.16.1)
    crack (0.4.5)
      rexml
    crass (1.0.6)
    cucumber (7.1.0)
      builder (~> 3.2, >= 3.2.4)
      cucumber-core (~> 10.1, >= 10.1.0)
      cucumber-create-meta (~> 6.0, >= 6.0.1)
      cucumber-cucumber-expressions (~> 14.0, >= 14.0.0)
      cucumber-gherkin (~> 22.0, >= 22.0.0)
      cucumber-html-formatter (~> 17.0, >= 17.0.0)
      cucumber-messages (~> 17.1, >= 17.1.1)
      cucumber-wire (~> 6.2, >= 6.2.0)
      diff-lcs (~> 1.4, >= 1.4.4)
      mime-types (~> 3.3, >= 3.3.1)
      multi_test (~> 0.1, >= 0.1.2)
      sys-uname (~> 1.2, >= 1.2.2)
    cucumber-core (10.1.1)
      cucumber-gherkin (~> 22.0, >= 22.0.0)
      cucumber-messages (~> 17.1, >= 17.1.1)
      cucumber-tag-expressions (~> 4.1, >= 4.1.0)
    cucumber-create-meta (6.0.4)
      cucumber-messages (~> 17.1, >= 17.1.1)
      sys-uname (~> 1.2, >= 1.2.2)
    cucumber-cucumber-expressions (14.0.0)
    cucumber-gherkin (22.0.0)
      cucumber-messages (~> 17.1, >= 17.1.1)
    cucumber-html-formatter (17.0.0)
      cucumber-messages (~> 17.1, >= 17.1.0)
    cucumber-messages (17.1.1)
    cucumber-tag-expressions (4.1.0)
    cucumber-wire (6.2.1)
      cucumber-core (~> 10.1, >= 10.1.0)
      cucumber-cucumber-expressions (~> 14.0, >= 14.0.0)
    debug_inspector (1.1.0)
    declarative-builder (0.1.0)
      declarative-option (< 0.2.0)
    declarative-option (0.1.0)
    diff-lcs (1.5.0)
    dry-core (0.7.1)
      concurrent-ruby (~> 1.0)
    dry-monads (1.4.0)
      concurrent-ruby (~> 1.0)
      dry-core (~> 0.7)
    erubi (1.10.0)
    factory_bot (6.2.0)
      activesupport (>= 5.0.0)
    factory_bot_rails (6.2.0)
      factory_bot (~> 6.2.0)
      railties (>= 5.0.0)
    ffi (1.15.5)
    globalid (1.0.0)
      activesupport (>= 5.0)
    hashdiff (1.0.1)
    i18n (1.10.0)
      concurrent-ruby (~> 1.0)
    jquery-ui-rails (6.0.1)
      railties (>= 3.2.16)
    kaminari (1.2.2)
      activesupport (>= 4.1.0)
      kaminari-actionview (= 1.2.2)
      kaminari-activerecord (= 1.2.2)
      kaminari-core (= 1.2.2)
    kaminari-actionview (1.2.2)
      actionview
      kaminari-core (= 1.2.2)
    kaminari-activerecord (1.2.2)
      activerecord
      kaminari-core (= 1.2.2)
    kaminari-core (1.2.2)
    loofah (2.14.0)
      crass (~> 1.0.2)
      nokogiri (>= 1.5.9)
    mail (2.7.1)
      mini_mime (>= 0.1.1)
    marcel (1.0.2)
    matrix (0.4.2)
    method_source (1.0.0)
    mime-types (3.4.1)
      mime-types-data (~> 3.2015)
    mime-types-data (3.2022.0105)
    mini_mime (1.1.2)
    mini_portile2 (2.7.1)
    minitest (5.15.0)
    multi_json (1.15.0)
    multi_test (0.1.2)
    nandi (0.12.0)
      activesupport
      cells
      dry-monads
      tilt
    nio4r (2.5.8)
    nokogiri (1.13.1)
      mini_portile2 (~> 2.7.0)
      racc (~> 1.4)
    parallel (1.21.0)
    parser (3.1.0.0)
      ast (~> 2.4.1)
    pry (0.14.1)
      coderay (~> 1.1)
      method_source (~> 1.0)
    pry-doc (1.3.0)
      pry (~> 0.11)
      yard (~> 0.9.11)
    pry-rails (0.3.9)
      pry (>= 0.10.4)
    pry-stack_explorer (0.6.1)
      binding_of_caller (~> 1.0)
      pry (~> 0.13)
    public_suffix (4.0.6)
    racc (1.6.0)
    rack (2.2.3)
    rack-test (1.1.0)
      rack (>= 1.0, < 3)
    rails (6.1.4.6)
      actioncable (= 6.1.4.6)
      actionmailbox (= 6.1.4.6)
      actionmailer (= 6.1.4.6)
      actionpack (= 6.1.4.6)
      actiontext (= 6.1.4.6)
      actionview (= 6.1.4.6)
      activejob (= 6.1.4.6)
      activemodel (= 6.1.4.6)
      activerecord (= 6.1.4.6)
      activestorage (= 6.1.4.6)
      activesupport (= 6.1.4.6)
      bundler (>= 1.15.0)
      railties (= 6.1.4.6)
      sprockets-rails (>= 2.0.0)
    rails-controller-testing (1.0.5)
      actionpack (>= 5.0.1.rc1)
      actionview (>= 5.0.1.rc1)
      activesupport (>= 5.0.1.rc1)
    rails-dom-testing (2.0.3)
      activesupport (>= 4.2.0)
      nokogiri (>= 1.6)
    rails-html-sanitizer (1.4.2)
      loofah (~> 2.3)
    railties (6.1.4.6)
      actionpack (= 6.1.4.6)
      activesupport (= 6.1.4.6)
      method_source
      rake (>= 0.13)
      thor (~> 1.0)
    rainbow (3.1.1)
    rake (13.0.6)
    regexp_parser (2.2.1)
    rexml (3.2.5)
    rspec-core (3.11.0)
      rspec-support (~> 3.11.0)
    rspec-expectations (3.11.0)
      diff-lcs (>= 1.2.0, < 2.0)
      rspec-support (~> 3.11.0)
    rspec-mocks (3.11.0)
      diff-lcs (>= 1.2.0, < 2.0)
      rspec-support (~> 3.11.0)
    rspec-rails (5.1.0)
      actionpack (>= 5.2)
      activesupport (>= 5.2)
      railties (>= 5.2)
      rspec-core (~> 3.10)
      rspec-expectations (~> 3.10)
      rspec-mocks (~> 3.10)
      rspec-support (~> 3.10)
    rspec-support (3.11.0)
    rubocop (1.25.1)
      parallel (~> 1.10)
      parser (>= 3.1.0.0)
      rainbow (>= 2.2.2, < 4.0)
      regexp_parser (>= 1.8, < 3.0)
      rexml
      rubocop-ast (>= 1.15.1, < 2.0)
      ruby-progressbar (~> 1.7)
      unicode-display_width (>= 1.4.0, < 3.0)
    rubocop-ast (1.15.2)
      parser (>= 3.0.1.1)
    ruby-progressbar (1.11.0)
    seed_dump (3.3.1)
      activerecord (>= 4)
      activesupport (>= 4)
    seedbank (0.5.0)
      rake (>= 10.0)
    simplecov (0.7.1)
      multi_json (~> 1.0)
      simplecov-html (~> 0.7.1)
    simplecov-html (0.7.1)
    slim (4.1.0)
      temple (>= 0.7.6, < 0.9)
      tilt (>= 2.0.6, < 2.1)
    slim-rails (3.3.0)
      actionpack (>= 3.1)
      railties (>= 3.1)
      slim (>= 3.0, < 5.0)
    sprockets (4.0.2)
      concurrent-ruby (~> 1.0)
      rack (> 1, < 3)
    sprockets-rails (3.4.2)
      actionpack (>= 5.2)
      activesupport (>= 5.2)
      sprockets (>= 3.0.0)
    sqlite3 (1.4.2)
    sys-uname (1.2.2)
      ffi (~> 1.1)
    temple (0.8.2)
    thor (1.2.1)
    tilt (2.0.10)
    tzinfo (2.0.4)
      concurrent-ruby (~> 1.0)
    uber (0.1.0)
    unicode-display_width (2.1.0)
    webmock (3.14.0)
      addressable (>= 2.8.0)
      crack (>= 0.3.2)
      hashdiff (>= 0.4.0, < 2.0.0)
    webrick (1.7.0)
    websocket-driver (0.7.5)
      websocket-extensions (>= 0.1.0)
    websocket-extensions (0.1.5)
    xpath (3.2.0)
      nokogiri (~> 1.8)
    yard (0.9.27)
      webrick (~> 1.7.0)
    zeitwerk (2.5.4)

PLATFORMS
  ruby

DEPENDENCIES
  actionmailer
  actionpack
  activerecord
  acts_as_list
  aruba
  best_in_place!
  bundler
  byebug
  capybara
  combustion (~> 1.3)
  factory_bot_rails
  jquery-ui-rails
  kaminari
  mega_bar!
  pry
  pry-doc
  pry-rails
  pry-stack_explorer
  rails (~> 6.1.0)
  rails-controller-testing
  rake (~> 13.0)
  rspec-core
  rspec-rails
  rubocop
  simplecov (~> 0.7.1)
  sqlite3
  webmock

BUNDLED WITH
   2.2.17
